GEM
  remote: https://rubygems.org/
  specs:
    clockwork (0.4.0)
      tzinfo
    tzinfo (0.3.33)

PLATFORMS
  ruby

DEPENDENCIES
  clockwork
