GEM
  remote: https://rubygems.org/
  specs:
    clockwork (0.4.0)
      tzinfo
    json (1.6.4)
    tzinfo (0.3.33)

PLATFORMS
  ruby

DEPENDENCIES
  clockwork
  json
